GEM
  remote: https://rubygems.org/
  specs:
    json (1.8.1)
    trollop (2.0)
    zip (2.0.2)

PLATFORMS
  ruby

DEPENDENCIES
  json (~> 1.8.1)
  trollop
  zip
