GEM
  remote: https://rubygems.org/
  specs:
    addressable (2.3.6)
    dropbox-folder-sync (0.0.8)
      bundler
      dropbox-sdk
      json
      keystorage
      launchy
      rake
      thor
    dropbox-sdk (1.6.4)
      json
    json (1.8.1)
    keystorage (0.4.13)
    launchy (2.4.2)
      addressable (~> 2.3)
    rake (10.3.2)
    thor (0.19.1)
    trollop (2.0)
    zip (2.0.2)

PLATFORMS
  ruby

DEPENDENCIES
  dropbox-folder-sync
  json
  trollop
  zip
